GEM
  remote: https://rubygems.org/
  specs:
    artii (2.1.2)
    colorize (0.8.1)
    highline (2.0.2)
    options (2.3.2)
    progress_bar (1.3.0)
      highline (>= 1.6, < 3)
      options (~> 2.3.0)

PLATFORMS
  ruby

DEPENDENCIES
  artii (~> 2.1)
  colorize (~> 0.8.1)
  progress_bar (~> 1.3)

BUNDLED WITH
   2.0.2
